GEM
  remote: https://rubygems.org/
  specs:
    diff-lcs (1.1.3)
    gosu (0.7.45)
    gosu (0.7.45-x86-mingw32)
    rspec (2.12.0)
      rspec-core (~> 2.12.0)
      rspec-expectations (~> 2.12.0)
      rspec-mocks (~> 2.12.0)
    rspec-core (2.12.2)
    rspec-expectations (2.12.1)
      diff-lcs (~> 1.1.3)
    rspec-mocks (2.12.2)

PLATFORMS
  ruby
  x86-mingw32

DEPENDENCIES
  gosu
  rspec
